GIT
  remote: git@github.com:kyan/kyan_jukebox.git
  revision: 2785b19d4b662a73a7fd20a91fbb6352a973d7dd
  specs:
    kyan_jukebox (0.1.2)

GEM
  remote: https://rubygems.org/
  specs:
    activesupport (3.2.16)
      i18n (~> 0.6, >= 0.6.4)
      multi_json (~> 1.0)
    bubble-wrap (1.4.0)
    claide (0.4.0)
    cocoapods (0.28.0)
      activesupport (>= 3.2.15, < 4)
      claide (~> 0.4.0)
      cocoapods-core (= 0.28.0)
      cocoapods-downloader (~> 0.2.0)
      colored (~> 1.2)
      escape (~> 0.0.4)
      json_pure (~> 1.8)
      open4 (~> 1.3)
      xcodeproj (~> 0.14.1)
    cocoapods-core (0.28.0)
      activesupport (>= 3.2.15, < 4)
      fuzzy_match (~> 2.0.4)
      json (~> 1.8)
      nap (~> 0.5)
    cocoapods-downloader (0.2.0)
    colored (1.2)
    escape (0.0.4)
    fuzzy_match (2.0.4)
    i18n (0.6.9)
    json (1.8.1)
    json_pure (1.8.1)
    motion-cocoapods (1.4.0)
      cocoapods (>= 0.26.2)
    motion-sparkle (0.0.3)
    motion-stump (0.3.0)
    multi_json (1.8.2)
    nap (0.6.0)
    open4 (1.3.0)
    rake (10.1.0)
    sugarcube (1.3.7)
    xcodeproj (0.14.1)
      activesupport (~> 3.0)
      colored (~> 1.2)
      rake

PLATFORMS
  ruby

DEPENDENCIES
  bubble-wrap (~> 1.4.0)
  kyan_jukebox!
  motion-cocoapods (~> 1.4.0)
  motion-sparkle (~> 0.0.3)
  motion-stump (~> 0.3.0)
  rake
  sugarcube (~> 1.3.7)
